GEM
  remote: https://rubygems.org/
  specs:
    quality_assurance (1.0.0)

PLATFORMS
  ruby

DEPENDENCIES
  quality_assurance

BUNDLED WITH
   1.16.0
